GEM
  remote: https://rubygems.org/
  specs:
    byebug (11.0.1)
    json (2.2.0)

PLATFORMS
  ruby

DEPENDENCIES
  byebug
  json

RUBY VERSION
   ruby 2.5.1p57

BUNDLED WITH
   2.0.1
